{
	"Manufacturer": "Siemens",
	"ManufacturersModelName": "TrioTim",
	"ProcedureStepDescription": "MRRC_Research_SiteProtocols",
	"ProtocolName": "Sag_3D_MPRAGE_10_05",
	"ImageType": ["ORIGINAL", "PRIMARY", "M", "ND", "NORM"],
	"AcquisitionDateTime": "2013-04-30T11:50:25.984375",
	"MagneticFieldStrength": 3,
	"FlipAngle": 7,
	"EchoTime": 0.00277,
	"RepetitionTime": 2.53,
	"SliceTiming": [
		0,
		0.9025,
		1.8075,
		0.7025,
		1.605,
		0.5025,
		1.405,
		0.3,
		1.205,
		0.1,
		1.0025,
		1.9075,
		0.8025,
		1.705,
		0.6025,
		1.505,
		0.4,
		1.305,
		0.2,
		1.1025,
		0,
		0.9025,
		1.8075,
		0.7025,
		1.605,
		0.5025,
		1.405,
		0.3,
		1.205,
		0.1,
		1.0025,
		1.9075,
		0.8025,
		1.705,
		0.6025,
		1.505,
		0.4,
		1.305,
		0.2,
		1.1025,
		0,
		0.9025,
		1.8075,
		0.7025,
		1.605,
		0.5025,
		1.405,
		0.3,
		1.205,
		0.1,
		1.0025,
		1.9075,
		0.8025,
		1.705,
		0.6025,
		1.505,
		0.4,
		1.305,
		0.2,
		1.1025	],
	"PhaseEncodingDirection": "i-",
	"ConversionSoftware": "dcm2niix",
	"ConversionSoftwareVersion": "v1.0.20170207"
}
