{
	"Manufacturer": "Siemens",
	"ManufacturersModelName": "TrioTim",
	"ProcedureStepDescription": "MRRC_Research_SiteProtocols",
	"ProtocolName": "Sag_3D_MPRAGE_10_05",
	"ImageType": ["ORIGINAL", "PRIMARY", "M", "ND", "NORM"],
	"AcquisitionDateTime": "2014-03-04T11:43:31.375000",
	"MagneticFieldStrength": 3,
	"FlipAngle": 7,
	"EchoTime": 0.00277,
	"RepetitionTime": 2.53,
	"PhaseEncodingDirection": "i-",
	"ConversionSoftware": "dcm2niix",
	"ConversionSoftwareVersion": "v1.0.20170207"
}
